RESTRICTION: == netstandard2.0
NUGET
  remote: https://www.nuget.org/api/v2
    coverlet.msbuild (2.6.3)
    Expecto (8.11)
      FSharp.Core (>= 4.3.4)
      Mono.Cecil (>= 0.10.3)
    FSharp.Control.AsyncSeq (2.0.21)
      FSharp.Core (>= 4.3.2)
    FSharp.Core (4.7)
    Microsoft.NET.Test.Sdk (16.2)
    Mono.Cecil (0.11)
